GIT
  remote: git@github.com:AweSim-OSC/awesim_branding.git
  revision: 8a911514b84f40e0afb8f4a20120d9ea04d96901
  specs:
    awesim_branding (0.0.1)
      ood_appkit (~> 0.3.0)
      rails (~> 4.0)
      redcarpet (~> 3.3)

GIT
  remote: git@github.com:OSC/ood_appkit.git
  revision: fe50254b410f6c4e5a62c205a206fe8903e99df1
  tag: v0.3.0
  specs:
    ood_appkit (0.3.0)
      addressable (~> 2.4)
      lograge (~> 0.3)
      ood_cluster (~> 0.0)
      ood_reservations (~> 0.0)
      ood_support (~> 0.0)
      rails (~> 4.0, >= 4.0.7)
      redcarpet (~> 3.2)

GIT
  remote: git@github.com:OSC/osc-machete.git
  revision: e1ad3e98175b86184c8f179e4152acd2e5137240
  tag: v1.2.0
  specs:
    osc-machete (1.2.0)
      mustache
      pbs (~> 2.0)

GIT
  remote: git@github.com:OSC/osc-vnc.git
  revision: 4b3827a147ddf2aca698b1e62121927dc90bc525
  tag: v1.1.2
  specs:
    osc-vnc (1.1.2)
      mustache (~> 1.0)
      pbs (~> 2.0)

GIT
  remote: git@github.com:OSC/osc_machete_rails.git
  revision: 2f5338da68392015fbea0f35e555dede49356d3f
  tag: v1.2.2
  specs:
    osc_machete_rails (1.2.2)
      osc-machete (~> 1.2.0)
      rails (~> 4.0)

GIT
  remote: git@github.com:OSC/pbs-ruby.git
  revision: 0032fce50836a573cdc56a266aa676ef7c1055ac
  tag: v2.0.2
  specs:
    pbs (2.0.2)
      ffi (~> 1.9, >= 1.9.6)

GEM
  remote: https://rubygems.org/
  specs:
    actionmailer (4.1.5)
      actionpack (= 4.1.5)
      actionview (= 4.1.5)
      mail (~> 2.5.4)
    actionpack (4.1.5)
      actionview (= 4.1.5)
      activesupport (= 4.1.5)
      rack (~> 1.5.2)
      rack-test (~> 0.6.2)
    actionview (4.1.5)
      activesupport (= 4.1.5)
      builder (~> 3.1)
      erubis (~> 2.7.0)
    activemodel (4.1.5)
      activesupport (= 4.1.5)
      builder (~> 3.1)
    activerecord (4.1.5)
      activemodel (= 4.1.5)
      activesupport (= 4.1.5)
      arel (~> 5.0.0)
    activesupport (4.1.5)
      i18n (~> 0.6, >= 0.6.9)
      json (~> 1.7, >= 1.7.7)
      minitest (~> 5.1)
      thread_safe (~> 0.1)
      tzinfo (~> 1.1)
    addressable (2.4.0)
    arel (5.0.1.20140414130214)
    autoprefixer-rails (6.4.1.1)
      execjs
    bootstrap-sass (3.3.5)
      autoprefixer-rails (>= 5.0.0.1)
      sass (>= 3.2.19)
    bootstrap_form (2.2.0)
    builder (3.2.2)
    climate_control (0.0.3)
      activesupport (>= 3.0)
    cocaine (0.5.8)
      climate_control (>= 0.0.3, < 1.0)
    coffee-rails (4.0.1)
      coffee-script (>= 2.2.0)
      railties (>= 4.0.0, < 5.0)
    coffee-script (2.4.1)
      coffee-script-source
      execjs
    coffee-script-source (1.10.0)
    concurrent-ruby (1.0.2)
    dotenv (2.0.2)
    dotenv-rails (2.0.2)
      dotenv (= 2.0.2)
      railties (~> 4.0)
    erubis (2.7.0)
    execjs (2.7.0)
    ffi (1.9.14)
    i18n (0.7.0)
    jbuilder (1.5.3)
      activesupport (>= 3.0.0)
      multi_json (>= 1.2.0)
    jquery-rails (3.1.4)
      railties (>= 3.0, < 5.0)
      thor (>= 0.14, < 2.0)
    json (1.8.3)
    libv8 (3.16.14.15)
    lograge (0.4.1)
      actionpack (>= 4, < 5.1)
      activesupport (>= 4, < 5.1)
      railties (>= 4, < 5.1)
    mail (2.5.4)
      mime-types (~> 1.16)
      treetop (~> 1.4.8)
    metaclass (0.0.4)
    mime-types (1.25.1)
    mimemagic (0.3.0)
    mini_portile2 (2.1.0)
    minitest (5.9.0)
    moab (0.0.2)
      nokogiri (~> 1.0)
    mocha (1.1.0)
      metaclass (~> 0.0.1)
    multi_json (1.12.1)
    mustache (1.0.3)
    nested_form_fields (0.6.4)
      rails (>= 3.2.0)
    nokogiri (1.6.8)
      mini_portile2 (~> 2.1.0)
      pkg-config (~> 1.1.7)
    ood_cluster (0.0.1)
      addressable (~> 2.4)
    ood_reservations (0.0.1)
      moab (~> 0.0)
      ood_cluster (~> 0.0)
      ood_support (~> 0.0)
      pbs (~> 2.0)
    ood_support (0.0.2)
    paperclip (4.3.7)
      activemodel (>= 3.2.0)
      activesupport (>= 3.2.0)
      cocaine (~> 0.5.5)
      mime-types
      mimemagic (= 0.3.0)
    pkg-config (1.1.7)
    polyglot (0.3.5)
    rack (1.5.5)
    rack-test (0.6.3)
      rack (>= 1.0)
    rails (4.1.5)
      actionmailer (= 4.1.5)
      actionpack (= 4.1.5)
      actionview (= 4.1.5)
      activemodel (= 4.1.5)
      activerecord (= 4.1.5)
      activesupport (= 4.1.5)
      bundler (>= 1.3.0, < 2.0)
      railties (= 4.1.5)
      sprockets-rails (~> 2.0)
    rails_12factor (0.0.3)
      rails_serve_static_assets
      rails_stdout_logging
    rails_serve_static_assets (0.0.5)
    rails_stdout_logging (0.0.5)
    railties (4.1.5)
      actionpack (= 4.1.5)
      activesupport (= 4.1.5)
      rake (>= 0.8.7)
      thor (>= 0.18.1, < 2.0)
    rake (11.2.2)
    rdoc (4.2.2)
      json (~> 1.4)
    redcarpet (3.3.4)
    ref (2.0.0)
    sass (3.4.22)
    sass-rails (5.0.3)
      railties (>= 4.0.0, < 5.0)
      sass (~> 3.1)
      sprockets (>= 2.8, < 4.0)
      sprockets-rails (>= 2.0, < 4.0)
      tilt (~> 1.1)
    sdoc (0.4.1)
      json (~> 1.7, >= 1.7.7)
      rdoc (~> 4.0)
    sprockets (3.7.0)
      concurrent-ruby (~> 1.0)
      rack (> 1, < 3)
    sprockets-rails (2.3.3)
      actionpack (>= 3.0)
      activesupport (>= 3.0)
      sprockets (>= 2.8, < 4.0)
    sqlite3 (1.3.11)
    therubyracer (0.12.2)
      libv8 (~> 3.16.14.0)
      ref
    thor (0.19.1)
    thread_safe (0.3.5)
    tilt (1.4.1)
    treetop (1.4.15)
      polyglot
      polyglot (>= 0.3.1)
    tzinfo (1.2.2)
      thread_safe (~> 0.1)
    uglifier (3.0.2)
      execjs (>= 0.3.0, < 3)

PLATFORMS
  ruby

DEPENDENCIES
  autoprefixer-rails
  awesim_branding!
  bootstrap-sass (= 3.3.5.0)
  bootstrap_form (~> 2.2.0)
  coffee-rails (~> 4.0.0)
  dotenv-rails (~> 2.0.0)
  jbuilder (~> 1.2)
  jquery-rails
  mocha
  nested_form_fields (~> 0.6.1)
  ood_appkit (~> 0.3.0)!
  osc-machete (~> 1.2.0)!
  osc-vnc (~> 1.1.2)!
  osc_machete_rails (~> 1.2.2)!
  paperclip (~> 4.2)
  pbs (~> 2.0.2)!
  rails (= 4.1.5)
  rails_12factor
  redcarpet (~> 3.3.0)
  sass-rails (= 5.0.3)
  sdoc
  sqlite3
  therubyracer
  uglifier (>= 1.3.0)
