GIT
  remote: git@github.com:AweSim-OSC/awesim_rails.git
  revision: babd88db4f64dd07c8393230e156120d1ea36a96
  tag: v1.0.0
  specs:
    awesim_rails (1.0.0)
      rails (~> 4.0.0)
      redcarpet (~> 3.2.2)

GIT
  remote: git@github.com:AweSim-OSC/awesim_rails_logging.git
  revision: 1b0417280df2c9b2a63af090a146322124e744fd
  tag: v1.0.0
  specs:
    awesim_rails_logging (1.0.0)
      rails (~> 4.0.0)

GIT
  remote: git@github.com:OSC/osc-machete.git
  revision: 2f149a8b9361cc5198621bf4613cd23e0819360f
  tag: v1.0.1
  specs:
    osc-machete (1.0.1)
      mustache
      pbs (~> 1.1)

GIT
  remote: git@github.com:OSC/osc-vnc.git
  revision: 9a242334eb45f9837a408a4d861b3bb6449ce8de
  tag: v1.0.8
  specs:
    osc-vnc (1.0.8)
      mustache (~> 0.99, >= 0.99.5)
      pbs (~> 1.0)

GIT
  remote: git@github.com:OSC/osc_machete_rails.git
  revision: 4124e19f32435db7e5fc1e188f5060f2abfe143a
  tag: v1.0.1
  specs:
    osc_machete_rails (1.0.1)
      awesim_rails (~> 1.0)
      osc-machete (~> 1.0)
      rails (~> 4.0.0)

GEM
  remote: https://rubygems.org/
  specs:
    actionmailer (4.0.0)
      actionpack (= 4.0.0)
      mail (~> 2.5.3)
    actionpack (4.0.0)
      activesupport (= 4.0.0)
      builder (~> 3.1.0)
      erubis (~> 2.7.0)
      rack (~> 1.5.2)
      rack-test (~> 0.6.2)
    activemodel (4.0.0)
      activesupport (= 4.0.0)
      builder (~> 3.1.0)
    activerecord (4.0.0)
      activemodel (= 4.0.0)
      activerecord-deprecated_finders (~> 1.0.2)
      activesupport (= 4.0.0)
      arel (~> 4.0.0)
    activerecord-deprecated_finders (1.0.4)
    activesupport (4.0.0)
      i18n (~> 0.6, >= 0.6.4)
      minitest (~> 4.2)
      multi_json (~> 1.3)
      thread_safe (~> 0.1)
      tzinfo (~> 0.3.37)
    arel (4.0.2)
    autoprefixer-rails (6.3.7)
      execjs
    bootstrap-sass (3.3.5)
      autoprefixer-rails (>= 5.0.0.1)
      sass (>= 3.2.19)
    bootstrap_form (2.2.0)
    builder (3.1.4)
    climate_control (0.0.3)
      activesupport (>= 3.0)
    cocaine (0.5.8)
      climate_control (>= 0.0.3, < 1.0)
    coffee-rails (4.0.1)
      coffee-script (>= 2.2.0)
      railties (>= 4.0.0, < 5.0)
    coffee-script (2.4.1)
      coffee-script-source
      execjs
    coffee-script-source (1.10.0)
    dotenv (2.0.2)
    dotenv-rails (2.0.2)
      dotenv (= 2.0.2)
      railties (~> 4.0)
    erubis (2.7.0)
    execjs (2.7.0)
    ffi (1.9.14)
    hike (1.2.3)
    i18n (0.7.0)
    jbuilder (1.5.3)
      activesupport (>= 3.0.0)
      multi_json (>= 1.2.0)
    jquery-rails (3.1.4)
      railties (>= 3.0, < 5.0)
      thor (>= 0.14, < 2.0)
    json (1.8.3)
    libv8 (3.16.14.15)
    mail (2.5.4)
      mime-types (~> 1.16)
      treetop (~> 1.4.8)
    metaclass (0.0.4)
    mime-types (1.25.1)
    mimemagic (0.3.0)
    minitest (4.7.5)
    mocha (1.1.0)
      metaclass (~> 0.0.1)
    multi_json (1.12.1)
    mustache (0.99.8)
    nested_form_fields (0.6.4)
      rails (>= 3.2.0)
    paperclip (4.3.7)
      activemodel (>= 3.2.0)
      activesupport (>= 3.2.0)
      cocaine (~> 0.5.5)
      mime-types
      mimemagic (= 0.3.0)
    pbs (1.1.4)
      ffi (~> 1.9, >= 1.9.6)
    polyglot (0.3.5)
    rack (1.5.5)
    rack-test (0.6.3)
      rack (>= 1.0)
    rails (4.0.0)
      actionmailer (= 4.0.0)
      actionpack (= 4.0.0)
      activerecord (= 4.0.0)
      activesupport (= 4.0.0)
      bundler (>= 1.3.0, < 2.0)
      railties (= 4.0.0)
      sprockets-rails (~> 2.0.0)
    rails_12factor (0.0.3)
      rails_serve_static_assets
      rails_stdout_logging
    rails_serve_static_assets (0.0.5)
    rails_stdout_logging (0.0.5)
    railties (4.0.0)
      actionpack (= 4.0.0)
      activesupport (= 4.0.0)
      rake (>= 0.8.7)
      thor (>= 0.18.1, < 2.0)
    rake (11.2.2)
    rdoc (4.2.2)
      json (~> 1.4)
    redcarpet (3.2.3)
    ref (2.0.0)
    sass (3.2.19)
    sass-rails (4.0.5)
      railties (>= 4.0.0, < 5.0)
      sass (~> 3.2.2)
      sprockets (~> 2.8, < 3.0)
      sprockets-rails (~> 2.0)
    sdoc (0.4.1)
      json (~> 1.7, >= 1.7.7)
      rdoc (~> 4.0)
    sprockets (2.12.4)
      hike (~> 1.2)
      multi_json (~> 1.0)
      rack (~> 1.0)
      tilt (~> 1.1, != 1.3.0)
    sprockets-rails (2.0.1)
      actionpack (>= 3.0)
      activesupport (>= 3.0)
      sprockets (~> 2.8)
    sqlite3 (1.3.11)
    therubyracer (0.12.2)
      libv8 (~> 3.16.14.0)
      ref
    thor (0.19.1)
    thread_safe (0.3.5)
    tilt (1.4.1)
    treetop (1.4.15)
      polyglot
      polyglot (>= 0.3.1)
    tzinfo (0.3.51)
    uglifier (3.0.0)
      execjs (>= 0.3.0, < 3)

PLATFORMS
  ruby

DEPENDENCIES
  autoprefixer-rails
  awesim_rails (~> 1.0.0)!
  awesim_rails_logging (~> 1.0.0)!
  bootstrap-sass (~> 3.3.1)
  bootstrap_form (~> 2.2.0)
  coffee-rails (~> 4.0.0)
  dotenv-rails (~> 2.0.0)
  jbuilder (~> 1.2)
  jquery-rails
  mocha
  nested_form_fields (~> 0.6.1)
  osc-machete (~> 1.0.0)!
  osc-vnc (~> 1.0.0)!
  osc_machete_rails (~> 1.0.0)!
  paperclip (~> 4.2)
  rails (= 4.0.0)
  rails_12factor
  redcarpet (~> 3.2.2)
  sass-rails (~> 4.0.0)
  sdoc
  sqlite3
  therubyracer
  uglifier (>= 1.3.0)
